GEM
  remote: https://rubygems.org/
  specs:
    kgio (2.11.3)
    rack (2.1.1)
    raindrops (0.19.1)
    unicorn (5.5.2)
      kgio (~> 2.6)
      raindrops (~> 0.7)

PLATFORMS
  ruby

DEPENDENCIES
  rack
  unicorn

RUBY VERSION
   ruby 2.6.5p114

BUNDLED WITH
   1.17.2
